GEM
  remote: http://rubygems.org/
  specs:
    activerecord (2.3.11)
      activesupport (= 2.3.11)
    activesupport (2.3.11)
    gem-this (0.3.6)
    rubytree (0.8.1)

PLATFORMS
  ruby

DEPENDENCIES
  activerecord (~> 2.3.11)
  gem-this
  rubytree
